PATH
  remote: .
  specs:
    sensu-extensions-influxdb (0.0.1)
      em-http-request
      multi_json
      sensu-extension

GEM
  remote: https://rubygems.org/
  specs:
    addressable (2.5.1)
      public_suffix (~> 2.0, >= 2.0.2)
    cookiejar (0.3.3)
    diff-lcs (1.3)
    em-http-request (1.1.5)
      addressable (>= 2.3.4)
      cookiejar (!= 0.3.1)
      em-socksify (>= 0.3)
      eventmachine (>= 1.0.3)
      http_parser.rb (>= 0.6.0)
    em-socksify (0.3.1)
      eventmachine (>= 1.0.0.beta.4)
    eventmachine (1.2.3)
    http_parser.rb (0.6.0)
    multi_json (1.12.1)
    oj (2.18.1)
    parse-cron (0.1.4)
    public_suffix (2.0.5)
    rake (12.0.0)
    rspec (3.5.0)
      rspec-core (~> 3.5.0)
      rspec-expectations (~> 3.5.0)
      rspec-mocks (~> 3.5.0)
    rspec-core (3.5.4)
      rspec-support (~> 3.5.0)
    rspec-expectations (3.5.0)
      diff-lcs (>= 1.2.0, < 2.0)
      rspec-support (~> 3.5.0)
    rspec-mocks (3.5.0)
      diff-lcs (>= 1.2.0, < 2.0)
      rspec-support (~> 3.5.0)
    rspec-support (3.5.0)
    sensu-extension (1.5.1)
      eventmachine
    sensu-json (2.1.0)
      oj (= 2.18.1)
    sensu-logger (1.2.1)
      eventmachine
      sensu-json
    sensu-settings (10.0.0)
      parse-cron
      sensu-json (>= 1.1.0)

PLATFORMS
  ruby

DEPENDENCIES
  bundler (~> 1.6)
  rake
  rspec
  sensu-extensions-influxdb!
  sensu-logger
  sensu-settings

BUNDLED WITH
   1.14.6
